NUGET
  remote: https://www.nuget.org/api/v2
    FSharp.Core (4.0.0.1)
GITHUB
  remote: fsprojects/FSharp.TypeProviders.StarterPack
    src/AssemblyReader.fs (45f4d8780b3213ef61ba4fccc716cd495565c1a4)
    src/AssemblyReaderReflection.fs (45f4d8780b3213ef61ba4fccc716cd495565c1a4)
    src/ProvidedTypes.fs (45f4d8780b3213ef61ba4fccc716cd495565c1a4)
    src/ProvidedTypes.fsi (45f4d8780b3213ef61ba4fccc716cd495565c1a4)
    src/ProvidedTypesContext.fs (45f4d8780b3213ef61ba4fccc716cd495565c1a4)
    src/ProvidedTypesTesting.fs (45f4d8780b3213ef61ba4fccc716cd495565c1a4)
GROUP Build
FRAMEWORK: NET45
NUGET
  remote: https://www.nuget.org/api/v2
    FAKE (4.57.4)

GROUP Test
FRAMEWORK: NET45
NUGET
  remote: https://www.nuget.org/api/v2
    Argu (3.7)
    Expecto (4.1.1)
      Argu (>= 3.7)
      FSharp.Core (>= 3.1.2.5)
      Mono.Cecil (>= 0.9.6.4)
    FSharp.Compiler.Service (12.0.2)
      System.Collections.Immutable (>= 1.3.1)
      System.Reflection.Metadata (>= 1.4.2)
      System.ValueTuple (>= 4.3)
    FSharp.Core (4.1.2)
      System.ValueTuple (>= 4.3)
    Mono.Cecil (0.9.6.4)
    System.Collections.Immutable (1.3.1)
    System.Reflection.Metadata (1.4.2)
      System.Collections.Immutable (>= 1.3.1)
    System.ValueTuple (4.3)
